GEM
  remote: https://rubygems.org/
  specs:
    3d-ribbon (0.2.0)
      compass (>= 0.12.1)
    SassyStrings (1.1.4)
      compass (>= 1.0.0.alpha.18)
      sass (>= 3.4)
    bourbon-compass (4.0.2)
      compass (>= 0.13.alpha.10)
      sass (~> 3.3)
    chunky_png (1.3.4)
    compass (1.1.0.alpha.3)
      chunky_png (~> 1.2)
      compass-core (~> 1.1.0.alpha.3)
      compass-import-once (~> 1.0.5)
      rb-fsevent (>= 0.9.3)
      rb-inotify (>= 0.9)
      sass (>= 3.3.13, < 3.5)
    compass-borderbox (0.1.2.0)
      compass (>= 0.11.beta.5)
      sass (>= 3.1.0.alpha)
    compass-core (1.1.0.alpha.3)
      multi_json (~> 1.0)
      sass (>= 3.3.0, < 3.5)
    compass-import-once (1.0.5)
      sass (>= 3.2, < 3.5)
    compass-rgbapng (0.2.1)
      chunky_png (>= 0.8.0)
      compass (>= 0.10.0)
    ffi (1.9.8)
    ffi (1.9.8-x64-mingw32)
    multi_json (1.11.1)
    oily_png (1.2.0)
      chunky_png (~> 1.3.1)
    rb-fsevent (0.9.5)
    rb-inotify (0.9.5)
      ffi (>= 0.5.0)
    sass (3.4.15)
    sassy-math (1.5.1)
      compass (>= 0.11)

PLATFORMS
  ruby
  x64-mingw32

DEPENDENCIES
  3d-ribbon
  SassyStrings
  bourbon-compass
  compass
  compass-borderbox
  compass-rgbapng
  oily_png
  sass
  sassy-math

BUNDLED WITH
   1.10.6
