GEM
  remote: https://rubygems.org/
  specs:
    bitters-compass (0.10.0)
      bourbon-compass (>= 3.1.3)
      compass (>= 0.11)
      neat-compass (>= 1.4.0)
      sass (>= 3.2)
    bootstrap-sass (3.2.0.0)
      sass (~> 3.2)
    bourbon-compass (4.0.2)
      compass (>= 0.13.alpha.10)
      sass (~> 3.3)
    breakpoint (2.4.2)
      sass (~> 3.3.0)
      sassy-maps (< 1.0.0)
    chunky_png (1.3.1)
    compass (1.0.0.alpha.20)
      chunky_png (~> 1.2)
      compass-core (~> 1.0.0.alpha.20)
      compass-import-once (~> 1.0.4)
      rb-fsevent (>= 0.9.3)
      rb-inotify (>= 0.9)
      sass (>= 3.3.0, < 3.5)
    compass-borderbox (0.1.2.0)
      compass (>= 0.11.beta.5)
      sass (>= 3.1.0.alpha)
    compass-core (1.0.0.alpha.20)
      multi_json (~> 1.0)
      sass (>= 3.3.0, < 3.5)
    compass-import-once (1.0.4)
      sass (>= 3.2, < 3.5)
    compass-rgbapng (0.2.1)
      chunky_png (>= 0.8.0)
      compass (>= 0.10.0)
    ffi (1.9.3)
    ffi (1.9.3-x64-mingw32)
    jeet (0.0.4)
      breakpoint (>= 2.0)
      compass (>= 0.11)
    multi_json (1.10.1)
    neat-compass (1.6.0)
      bourbon-compass (>= 3.1.3)
      compass (>= 0.11)
      sass (>= 3.3)
    oily_png (1.1.1)
      chunky_png (~> 1.3.0)
    rb-fsevent (0.9.4)
    rb-inotify (0.9.5)
      ffi (>= 0.5.0)
    sass (3.3.9)
    sass-media_query_combiner (0.0.6)
      sass (>= 3.2.0)
    sassy-maps (0.4.0)
      sass (~> 3.3)

PLATFORMS
  ruby
  x64-mingw32

DEPENDENCIES
  bitters-compass (>= 0.9.3)
  bootstrap-sass (>= 3.1.1.1)
  bourbon-compass (>= 4.0.1)
  compass (>= 1.0.0.alpha.20)
  compass-borderbox (>= 0.1.2.0)
  compass-rgbapng (>= 0.2.1)
  jeet (>= 0.0.4)
  neat-compass (>= 1.6.0)
  oily_png (>= 1.1.1)
  sass (>= 3.3.7)
  sass-media_query_combiner (>= 0.0.6)
